GEM
  remote: http://rubygems.org/
  specs:
    colorize (0.7.3)
    rake (10.1.0)
    sequel (4.14.0)
    sqlite3 (1.3.9)

PLATFORMS
  ruby

DEPENDENCIES
  colorize
  rake
  sequel
  sqlite3
